PATH
  remote: .
  specs:
    meta_tools (0.2.1)

GEM
  remote: http://rubygems.org/
  specs:

PLATFORMS
  ruby

DEPENDENCIES
  meta_tools!
